GEM
  remote: https://rubygems.org/
  specs:
    chunky_png (1.3.1)
    colored (1.2)
    compass (0.12.6)
      chunky_png (~> 1.2)
      fssm (>= 0.2.7)
      sass (~> 3.2.19)
    cri (2.6.1)
      colored (~> 1.2)
    exifr (1.1.3)
    fspath (2.1.0)
    fssm (0.2.10)
    image_optim (0.13.3)
      exifr (~> 1.1.3)
      fspath (~> 2.1.0)
      image_size (~> 1.3.0)
      in_threads (~> 1.2.0)
      progress (~> 3.0.0)
    image_size (1.3.1)
    in_threads (1.2.1)
    nanoc (3.7.1)
      cri (~> 2.3)
    nanoc-image-compressor (0.1.1)
      image_optim
      nanoc (>= 3.3.1)
    progress (3.0.0)
    sass (3.2.19)

PLATFORMS
  ruby

DEPENDENCIES
  compass
  nanoc
  nanoc-image-compressor
