GEM
  remote: https://rubygems.org/
  specs:
    adsf (1.2.0)
      rack (>= 1.0.0)
    celluloid (0.15.2)
      timers (~> 1.1.0)
    chunky_png (1.3.1)
    coderay (1.1.0)
    colored (1.2)
    compass (0.12.6)
      chunky_png (~> 1.2)
      fssm (>= 0.2.7)
      sass (~> 3.2.19)
    cri (2.6.1)
      colored (~> 1.2)
    exifr (1.1.3)
    ffi (1.9.3)
    formatador (0.2.5)
    fspath (2.1.0)
    fssm (0.2.10)
    guard (2.6.1)
      formatador (>= 0.2.4)
      listen (~> 2.7)
      lumberjack (~> 1.0)
      pry (>= 0.9.12)
      thor (>= 0.18.1)
    guard-nanoc (1.0.2)
      guard (>= 1.8.0)
      nanoc (>= 3.6.3)
    image_optim (0.13.3)
      exifr (~> 1.1.3)
      fspath (~> 2.1.0)
      image_size (~> 1.3.0)
      in_threads (~> 1.2.0)
      progress (~> 3.0.0)
    image_size (1.3.1)
    in_threads (1.2.1)
    listen (2.7.9)
      celluloid (>= 0.15.2)
      rb-fsevent (>= 0.9.3)
      rb-inotify (>= 0.9)
    lumberjack (1.0.9)
    method_source (0.8.2)
    mina (0.3.0)
      open4
      rake
    nanoc (3.7.1)
      cri (~> 2.3)
    nanoc-image-compressor (0.1.1)
      image_optim
      nanoc (>= 3.3.1)
    open4 (1.3.4)
    progress (3.0.0)
    pry (0.10.0)
      coderay (~> 1.1.0)
      method_source (~> 0.8.1)
      slop (~> 3.4)
    rack (1.5.2)
    rake (10.3.2)
    rb-fsevent (0.9.4)
    rb-inotify (0.9.5)
      ffi (>= 0.5.0)
    sass (3.2.19)
    slop (3.5.0)
    thor (0.19.1)
    timers (1.1.0)

PLATFORMS
  ruby

DEPENDENCIES
  adsf
  compass
  guard-nanoc
  mina
  nanoc
  nanoc-image-compressor
